GEM
  remote: https://rubygems.org/
  specs:
    activesupport (4.1.1)
      i18n (~> 0.6, >= 0.6.9)
      json (~> 1.7, >= 1.7.7)
      minitest (~> 5.1)
      thread_safe (~> 0.1)
      tzinfo (~> 1.1)
    addressable (2.3.6)
    buftok (0.2.0)
    builder (3.2.2)
    equalizer (0.0.9)
    facets (2.9.3)
    faraday (0.9.0)
      multipart-post (>= 1.2, < 3)
    htmlentities (4.3.1)
    http (0.5.0)
      http_parser.rb
    http_parser.rb (0.6.0)
    i18n (0.6.9)
    json (1.8.1)
    kgio (2.9.2)
    koala (1.9.0)
      addressable
      faraday
      multi_json
    memoizable (0.4.2)
      thread_safe (~> 0.3, >= 0.3.1)
    mini_portile (0.5.3)
    minitest (5.3.3)
    multi_json (1.10.0)
    multipart-post (2.0.0)
    mysql (2.9.1)
    naught (1.0.0)
    nokogiri (1.6.1)
      mini_portile (~> 0.5.0)
    oauth (0.4.7)
    php-serialize (1.1.0)
    rack (1.5.2)
    rack-protection (1.5.3)
      rack
    rack-throttle (0.3.0)
      rack (>= 1.0.0)
    raindrops (0.13.0)
    simple_oauth (0.2.0)
    sinatra (1.4.5)
      rack (~> 1.4)
      rack-protection (~> 1.4)
      tilt (~> 1.3, >= 1.3.4)
    sinatra-cross_origin (0.3.2)
    thread_safe (0.3.3)
    tilt (1.4.1)
    twitter (5.8.0)
      addressable (~> 2.3)
      buftok (~> 0.2.0)
      equalizer (~> 0.0.9)
      faraday (~> 0.9.0)
      http (~> 0.5.0)
      http_parser.rb (~> 0.6.0)
      json (~> 1.8)
      memoizable (~> 0.4.0)
      naught (~> 1.0)
      simple_oauth (~> 0.2.0)
    tzinfo (1.1.0)
      thread_safe (~> 0.1)
    unicorn (4.8.2)
      kgio (~> 2.6)
      rack
      raindrops (~> 0.7)
    xml-simple (1.1.3)

PLATFORMS
  ruby

DEPENDENCIES
  activesupport
  builder
  facets
  htmlentities
  json
  koala
  multi_json
  mysql
  nokogiri
  oauth
  php-serialize
  rack
  rack-throttle
  simple_oauth
  sinatra
  sinatra-cross_origin
  twitter
  unicorn
  xml-simple
