GEM
  remote: https://rubygems.org/
  specs:
    activesupport (3.2.13)
      i18n (= 0.6.1)
      multi_json (~> 1.0)
    addressable (2.3.3)
    builder (3.2.0)
    facets (2.9.3)
    faraday (0.8.6)
      multipart-post (~> 1.1)
    hashie (1.2.0)
    htmlentities (4.3.1)
    i18n (0.6.1)
    json (1.7.7)
    kgio (2.8.0)
    koala (1.6.0)
      addressable (~> 2.2)
      faraday (~> 0.8)
      multi_json (~> 1.3)
    linkedin (0.3.7)
      hashie (~> 1.2)
      multi_json (~> 1.0)
      oauth (~> 0.4)
    multi_json (1.7.1)
    multipart-post (1.2.0)
    mysql (2.9.1)
    nokogiri (1.5.9)
    oauth (0.4.7)
    php-serialize (1.1.0)
    rack (1.5.2)
    rack-protection (1.5.0)
      rack
    rack-throttle (0.3.0)
      rack (>= 1.0.0)
    raindrops (0.10.0)
    simple_oauth (0.2.0)
    sinatra (1.4.1)
      rack (~> 1.5, >= 1.5.2)
      rack-protection (~> 1.4)
      tilt (~> 1.3, >= 1.3.4)
    sinatra-cross_origin (0.2.0)
    tilt (1.3.6)
    twitter (4.6.2)
      faraday (~> 0.8, < 0.10)
      multi_json (~> 1.0)
      simple_oauth (~> 0.2)
    unicorn (4.6.2)
      kgio (~> 2.6)
      rack
      raindrops (~> 0.7)
    xml-simple (1.1.2)

PLATFORMS
  ruby

DEPENDENCIES
  activesupport
  builder
  facets
  htmlentities
  json
  koala
  linkedin
  multi_json
  mysql
  nokogiri
  oauth
  php-serialize
  rack
  rack-throttle
  simple_oauth
  sinatra
  sinatra-cross_origin
  twitter
  unicorn
  xml-simple
